PATH
  remote: .
  specs:
    trinidad_resque_extension (0.1.0)
      rake
      resque
      trinidad

GEM
  remote: http://rubygems.org/
  specs:
    diff-lcs (1.1.2)
    jruby-rack (1.0.7)
    json (1.4.6-java)
    mocha (0.9.12)
    rack (1.2.2)
    rake (0.8.7)
    redis (2.1.1)
    redis-namespace (0.10.0)
      redis (< 3.0.0)
    resque (1.15.0)
      json (~> 1.4.6)
      redis-namespace (>= 0.10.0)
      sinatra (>= 0.9.2)
      vegas (~> 0.1.2)
    rspec (2.5.0)
      rspec-core (~> 2.5.0)
      rspec-expectations (~> 2.5.0)
      rspec-mocks (~> 2.5.0)
    rspec-core (2.5.1)
    rspec-expectations (2.5.0)
      diff-lcs (~> 1.1.2)
    rspec-mocks (2.5.0)
    sinatra (1.2.0)
      rack (~> 1.1)
      tilt (>= 1.2.2, < 2.0)
    tilt (1.2.2)
    trinidad (1.1.0)
      jruby-rack (>= 1.0.6)
      trinidad_jars (>= 1.0.0)
    trinidad_jars (1.0.1)
    vegas (0.1.8)
      rack (>= 1.0.0)

PLATFORMS
  java

DEPENDENCIES
  mocha
  rspec
  trinidad_resque_extension!
